PATH
  remote: .
  specs:
    repomd_parser (0.1.4)
      nokogiri (~> 1.8)

GEM
  remote: https://rubygems.org/
  specs:
    diff-lcs (1.3)
    docile (1.3.1)
    json (2.2.0)
    mini_portile2 (2.4.0)
    nokogiri (1.10.8)
      mini_portile2 (~> 2.4.0)
    rake (13.0.1)
    rspec (3.8.0)
      rspec-core (~> 3.8.0)
      rspec-expectations (~> 3.8.0)
      rspec-mocks (~> 3.8.0)
    rspec-core (3.8.0)
      rspec-support (~> 3.8.0)
    rspec-expectations (3.8.3)
      diff-lcs (>= 1.2.0, < 2.0)
      rspec-support (~> 3.8.0)
    rspec-mocks (3.8.0)
      diff-lcs (>= 1.2.0, < 2.0)
      rspec-support (~> 3.8.0)
    rspec-support (3.8.0)
    simplecov (0.16.1)
      docile (~> 1.1)
      json (>= 1.8, < 3)
      simplecov-html (~> 0.10.0)
    simplecov-html (0.10.2)

PLATFORMS
  ruby

DEPENDENCIES
  bundler (~> 1.16)
  rake (~> 13.0)
  repomd_parser!
  rspec (~> 3.0)
  simplecov (~> 0.16.1)

BUNDLED WITH
   1.16.3
